GEM
  remote: https://rubygems.org/
  specs:
    diff-lcs (1.2.4)
    highline (1.6.19)
    net-ssh (2.6.7)
    rake (10.0.4)
    rspec (2.13.0)
      rspec-core (~> 2.13.0)
      rspec-expectations (~> 2.13.0)
      rspec-mocks (~> 2.13.0)
    rspec-core (2.13.1)
    rspec-expectations (2.13.0)
      diff-lcs (>= 1.1.3, < 2.0)
    rspec-mocks (2.13.1)
    serverspec (0.4.8)
      highline
      net-ssh
      rspec (~> 2.0)

PLATFORMS
  ruby

DEPENDENCIES
  rake
  serverspec
